PATH
  remote: .
  specs:
    motion-formable (1.0)

PATH
  remote: ~/src/projects/motion-ios-table
  specs:
    motion-ios-table (1.0)

GEM
  remote: https://rubygems.org/
  specs:
    rake (11.1.2)

PLATFORMS
  ruby

DEPENDENCIES
  motion-formable!
  motion-ios-table!
  rake

BUNDLED WITH
   1.13.6
