GIT
  remote: https://github.com/MarkVillacampa/motion-listable
  revision: 2c653d3dfdadcc1f6de5a9001bb3548e40b13bb1
  specs:
    motion-listable (0.0.1)

PATH
  remote: .
  specs:
    motion-formable (0.0.1)

GEM
  remote: https://rubygems.org/
  specs:
    rake (12.0.0)

PLATFORMS
  ruby

DEPENDENCIES
  motion-formable!
  motion-listable!
  rake

BUNDLED WITH
   1.13.7
