GIT
  remote: https://github.com/MarkVillacampa/motion-listable
  revision: 31e5c5bba3cf3883b861b84c89fd497f9bf21ab4
  specs:
    motion-listable (0.0.1)

PATH
  remote: .
  specs:
    motion-formable (0.0.1)

GEM
  remote: https://rubygems.org/
  specs:
    rake (11.1.2)

PLATFORMS
  ruby

DEPENDENCIES
  motion-formable!
  motion-listable!
  rake

BUNDLED WITH
   1.13.6
